PATH
  remote: .
  specs:
    onesong (0.1.0)
      thor (~> 0.14.6)

GEM
  remote: http://rubygems.org/
  specs:
    Saikuro (1.1.0)
    abstract_type (0.0.7)
    activesupport (4.2.11.3)
      i18n (~> 0.7)
      minitest (~> 5.1)
      thread_safe (~> 0.3, >= 0.3.4)
      tzinfo (~> 1.1)
    adamantium (0.2.0)
      ice_nine (~> 0.11.0)
      memoizable (~> 0.4.0)
    ast (2.4.2)
    chronic (0.3.0)
    churn (1.0.8)
      chronic (>= 0.2.3)
      hirb
      main
      ruby_parser (~> 3.0)
      sexp_processor (~> 4.1)
    code_statistics (0.2.13)
    colored (1.2)
    concord (0.1.6)
      adamantium (~> 0.2.0)
      equalizer (~> 0.0.9)
    concurrent-ruby (1.1.7)
    diff-lcs (1.1.3)
    equalizer (0.0.11)
    erubi (1.12.0)
    erubis (2.7.0)
    flay (2.13.0)
      erubi (~> 1.10)
      path_expander (~> 1.0)
      ruby_parser (~> 3.0)
      sexp_processor (~> 4.0)
    flog (4.6.6)
      path_expander (~> 1.0)
      ruby_parser (~> 3.1, > 3.1.0)
      sexp_processor (~> 4.8)
    hirb (0.7.3)
    i18n (0.9.5)
      concurrent-ruby (~> 1.0)
    ice_nine (0.11.2)
    main (5.3.1)
    memoizable (0.4.2)
      thread_safe (~> 0.3, >= 0.3.1)
    metric_fu (2.1.1)
      Saikuro (>= 1.1.0)
      activesupport (>= 2.0.0)
      chronic (~> 0.3.0)
      churn (>= 0.0.7)
      flay (>= 1.2.1)
      flog (>= 2.3.0)
      rails_best_practices (>= 0.6.4)
      rcov (>= 0.8.3.3)
      reek (>= 1.2.6)
      roodi (>= 2.1.0)
      syntax
    minitest (5.12.0)
    multi_json (1.0.4)
    parser (2.2.3.0)
      ast (>= 1.1, < 3.0)
    path_expander (1.1.1)
    procto (0.0.3)
    progressbar (0.9.1)
    rails_best_practices (1.2.0)
      activesupport
      colored
      erubis
      i18n
      progressbar
      sexp_processor
    rainbow (2.2.2)
      rake
    rake (0.9.2)
    rcov (0.9.11)
    reek (1.6.2)
      parser (~> 2.2.0.pre.7)
      rainbow (>= 1.99, < 3.0)
      unparser (= 0.1.16)
    roodi (5.0.0)
      ruby_parser (~> 3.2, >= 3.2.2)
    rspec (2.6.0)
      rspec-core (~> 2.6.0)
      rspec-expectations (~> 2.6.0)
      rspec-mocks (~> 2.6.0)
    rspec-core (2.6.4)
    rspec-expectations (2.6.0)
      diff-lcs (~> 1.1.2)
    rspec-mocks (2.6.0)
    ruby_parser (3.14.0)
      sexp_processor (~> 4.9)
    sexp_processor (4.14.0)
    simplecov (0.5.4)
      multi_json (~> 1.0.3)
      simplecov-html (~> 0.5.3)
    simplecov-html (0.5.3)
    simplecov-rcov (0.2.3)
      simplecov (>= 0.4.1)
    simplecov-rcov-text (0.0.2)
    syntax (1.0.0)
    thor (0.14.6)
    thread_safe (0.3.6)
    tzinfo (1.2.8)
      thread_safe (~> 0.1)
    unparser (0.1.16)
      abstract_type (~> 0.0.7)
      adamantium (~> 0.2.0)
      concord (~> 0.1.5)
      equalizer (~> 0.0.9)
      parser (~> 2.2.0.pre.7)
      procto (~> 0.0.2)
    yard (0.9.25)

PLATFORMS
  ruby

DEPENDENCIES
  bundler
  code_statistics (~> 0.2.13)
  metric_fu (>= 2.0.1)
  onesong!
  rake
  rspec (~> 2.6.0)
  simplecov
  simplecov-rcov
  simplecov-rcov-text
  yard (>= 0.7.2)
